GEM
  remote: https://rubygems.org/
  specs:

PLATFORMS
  universal-java-22

DEPENDENCIES

BUNDLED WITH
   2.3.26
